GEM
  remote: https://rubygems.org/
  specs:
    actionmailer (3.2.13)
      actionpack (= 3.2.13)
      mail (~> 2.5.3)
    actionpack (3.2.13)
      activemodel (= 3.2.13)
      activesupport (= 3.2.13)
      builder (~> 3.0.0)
      erubis (~> 2.7.0)
      journey (~> 1.0.4)
      rack (~> 1.4.5)
      rack-cache (~> 1.2)
      rack-test (~> 0.6.1)
      sprockets (~> 2.2.1)
    activemodel (3.2.13)
      activesupport (= 3.2.13)
      builder (~> 3.0.0)
    activerecord (3.2.13)
      activemodel (= 3.2.13)
      activesupport (= 3.2.13)
      arel (~> 3.0.2)
      tzinfo (~> 0.3.29)
    activeresource (3.2.13)
      activemodel (= 3.2.13)
      activesupport (= 3.2.13)
    activesupport (3.2.13)
      i18n (= 0.6.1)
      multi_json (~> 1.0)
    addressable (2.3.5)
    arel (3.0.2)
    awesome_print (1.2.0)
    bootstrap-datepicker-rails (1.1.1.7)
      railties (>= 3.0)
    bootstrap-sass (2.3.2.1)
      sass (~> 3.2)
    builder (3.0.4)
    coderay (1.1.0)
    coffee-rails (3.2.2)
      coffee-script (>= 2.2.0)
      railties (~> 3.2.0)
    coffee-script (2.2.0)
      coffee-script-source
      execjs
    coffee-script-source (1.6.3)
    erubis (2.7.0)
    execjs (2.0.1)
    google_visualr (2.1.9)
    gruff (0.5.1)
      rmagick
    hike (1.2.3)
    i18n (0.6.1)
    journey (1.0.4)
    jquery-rails (3.0.4)
      railties (>= 3.0, < 5.0)
      thor (>= 0.14, < 2.0)
    json (1.8.0)
    kaminari (0.15.1)
      actionpack (>= 3.0.0)
      activesupport (>= 3.0.0)
    launchy (2.4.2)
      addressable (~> 2.3)
    letter_opener (1.1.2)
      launchy (~> 2.2)
    libv8 (3.11.8.17)
    mail (2.5.4)
      mime-types (~> 1.16)
      treetop (~> 1.4.8)
    mime-types (1.24)
    multi_json (1.7.9)
    pdf-core (0.2.5)
    pg (0.15.1)
    polyamorous (1.0.0)
      activerecord (>= 3.0)
    polyglot (0.3.3)
    prawn (1.0.0)
      pdf-core (~> 0.2.2)
      ttfunk (~> 1.1.1)
    query_report (1.0.24)
      google_visualr (~> 2.1.0)
      gruff (~> 0.5.1)
      kaminari (>= 0.14.1)
      prawn (>= 0.15.0)
      railties (>= 3)
      ransack (>= 1.0.0)
      rmagick (~> 2.13.2)
    rack (1.4.5)
    rack-cache (1.2)
      rack (>= 0.4)
    rack-ssl (1.3.3)
      rack
    rack-test (0.6.2)
      rack (>= 1.0)
    rails (3.2.13)
      actionmailer (= 3.2.13)
      actionpack (= 3.2.13)
      activerecord (= 3.2.13)
      activeresource (= 3.2.13)
      activesupport (= 3.2.13)
      bundler (~> 1.0)
      railties (= 3.2.13)
    railties (3.2.13)
      actionpack (= 3.2.13)
      activesupport (= 3.2.13)
      rack-ssl (~> 1.3.2)
      rake (>= 0.8.7)
      rdoc (~> 3.4)
      thor (>= 0.14.6, < 2.0)
    rake (10.1.0)
    ransack (1.2.3)
      actionpack (>= 3.0)
      activerecord (>= 3.0)
      activesupport (>= 3.0)
      i18n
      polyamorous (~> 1.0.0)
    rdoc (3.12.2)
      json (~> 1.4)
    ref (1.0.5)
    rmagick (2.13.2)
    sass (3.2.10)
    sass-rails (3.2.6)
      railties (~> 3.2.0)
      sass (>= 3.1.10)
      tilt (~> 1.3)
    sprockets (2.2.2)
      hike (~> 1.2)
      multi_json (~> 1.0)
      rack (~> 1.0)
      tilt (~> 1.1, != 1.3.0)
    sqlite3 (1.3.8)
    therubyracer (0.11.4)
      libv8 (~> 3.11.8.12)
      ref
    thor (0.18.1)
    tilt (1.4.1)
    treetop (1.4.15)
      polyglot
      polyglot (>= 0.3.1)
    ttfunk (1.1.1)
    tzinfo (0.3.37)
    uglifier (2.2.0)
      execjs (>= 0.3.0)
      multi_json (~> 1.0, >= 1.0.2)

PLATFORMS
  ruby

DEPENDENCIES
  awesome_print
  bootstrap-datepicker-rails
  bootstrap-sass (~> 2.3.2.1)
  coderay
  coffee-rails (~> 3.2.1)
  jquery-rails
  letter_opener
  pg
  query_report (~> 1.0.24)
  rails (= 3.2.13)
  sass-rails (~> 3.2.3)
  sqlite3
  therubyracer
  uglifier (>= 1.0.3)
